GEM
  remote: https://rubygems.org/
  specs:
    dotenv (2.8.1)
    encrypted_cookie (0.1.0)
      rack (>= 1.1, < 3)
    json (2.6.3)
    multi_json (1.15.0)
    mustermann (2.0.2)
      ruby2_keywords (~> 0.0.1)
    nio4r (2.5.9)
    puma (6.3.1)
      nio4r (~> 2.0)
    rack (2.2.8)
    rack-protection (2.2.4)
      rack
    ruby2_keywords (0.0.5)
    sinatra (2.2.4)
      mustermann (~> 2.0)
      rack (~> 2.2)
      rack-protection (= 2.2.4)
      tilt (~> 2.0)
    sinatra-contrib (2.2.4)
      multi_json
      mustermann (~> 2.0)
      rack-protection (= 2.2.4)
      sinatra (= 2.2.4)
      tilt (~> 2.0)
    stripe (9.2.0)
    tilt (2.2.0)

PLATFORMS
  ruby

DEPENDENCIES
  dotenv
  encrypted_cookie
  json
  puma (~> 6.3)
  sinatra
  sinatra-contrib
  stripe

RUBY VERSION
   ruby 2.5.8p224

BUNDLED WITH
   2.3.26
